RESTRICTION: >= net461
NUGET
  remote: https://www.nuget.org/api/v2
    FAKE (5.8.4)
    FSharp.Core (4.6.2)
    Fuchu (1.0.3)
      FSharp.Core (>= 3.1.2.1)
    netDXF (2.2.0.1)

GROUP Build
NUGET
  remote: https://www.nuget.org/api/v2
    FAKE (5.8.4)
